GIT
  remote: https://github.com/ChristoferVinoth/fontcustom.git
  revision: dfc61f755c4e8be183c08874d93d87b44dfe514d
  branch: upgrade_json_gem
  specs:
    fontcustom (2.1.0)
      json (~> 2.0.0)
      listen (>= 1.0, < 4.0)
      thor (~> 0.14)

GEM
  remote: https://rubygems.org/
  specs:
    ffi (1.15.4)
    json (2.0.4)
    listen (3.7.0)
      rb-fsevent (~> 0.10, >= 0.10.3)
      rb-inotify (~> 0.9, >= 0.9.10)
    rb-fsevent (0.11.0)
    rb-inotify (0.10.1)
      ffi (~> 1.0)
    thor (0.20.3)

PLATFORMS
  x86_64-darwin-18
  x86_64-linux

DEPENDENCIES
  bundler
  fontcustom!

BUNDLED WITH
   2.2.32
