GIT
  remote: https://github.com/argob/fontcustom.git
  revision: ed4518dd38bd6ffbd240ba11e0a54c36ca4c4019
  branch: upgrade_json_gem
  specs:
    fontcustom (2.1.0)
      json (>= 2.3.0)
      listen (>= 1.0, < 4.0)
      thor (~> 0.14)

GEM
  remote: https://rubygems.org/
  specs:
    ffi (1.15.5)
    json (2.6.2)
    listen (3.7.1)
      rb-fsevent (~> 0.10, >= 0.10.3)
      rb-inotify (~> 0.9, >= 0.9.10)
    rb-fsevent (0.11.2)
    rb-inotify (0.10.1)
      ffi (~> 1.0)
    thor (0.20.3)

PLATFORMS
  ruby
  x86_64-darwin-18
  x86_64-linux

DEPENDENCIES
  bundler
  fontcustom!

BUNDLED WITH
   2.3.14
