GIT
  remote: https://github.com/argob/fontcustom.git
  revision: f49215b7d856103e11f1ab2c41d02d318f039cdb
  branch: upgrade_json_gem
  specs:
    fontcustom (2.1.0)
      json (>= 2.3.0)
      listen (>= 1.0, < 4.0)
      thor (~> 0.14)

GEM
  remote: https://rubygems.org/
  specs:
    ffi (1.15.4)
    json (2.6.1)
    listen (3.7.0)
      rb-fsevent (~> 0.10, >= 0.10.3)
      rb-inotify (~> 0.9, >= 0.9.10)
    rb-fsevent (0.11.0)
    rb-inotify (0.10.1)
      ffi (~> 1.0)
    thor (0.20.3)

PLATFORMS
  x86_64-darwin-18
  x86_64-linux

DEPENDENCIES
  bundler
  fontcustom!

BUNDLED WITH
   2.3.0
